GIT
  remote: git://github.com/rwd/paperclip
  revision: 09dff2402d13fcc92358208ce5bef094740d0dfa
  branch: v2.7
  specs:
    paperclip (2.7.6)
      activerecord (>= 2.3.0)
      activesupport (>= 2.3.2)
      cocaine (~> 0.3.0)
      mime-types

GIT
  remote: git://github.com/rwd/paperclip-meta
  revision: 51da0b766bac78939a11ec162ad85e46b49869c6
  specs:
    paperclip-meta (0.4.3)
      paperclip

GIT
  remote: https://github.com/JohnB/aegis.git
  revision: b1853a51fa98389915074e2a1ac5a29a081339bb
  ref: b1853a5
  specs:
    aegis (3.0.1)

PATH
  remote: vendor/gems/acts-as-taggable-on-2.4.1
  specs:
    acts-as-taggable-on (2.4.1)
      rails (>= 3, < 5)

GEM
  remote: http://rubygems.org/
  specs:
    actionmailer (3.1.12)
      actionpack (= 3.1.12)
      mail (~> 2.4.4)
    actionpack (3.1.12)
      activemodel (= 3.1.12)
      activesupport (= 3.1.12)
      builder (~> 3.0.0)
      erubis (~> 2.7.0)
      i18n (~> 0.6)
      rack (~> 1.3.6)
      rack-cache (~> 1.2)
      rack-mount (~> 0.8.2)
      rack-test (~> 0.6.1)
      sprockets (~> 2.0.4)
    activemodel (3.1.12)
      activesupport (= 3.1.12)
      builder (~> 3.0.0)
      i18n (~> 0.6)
    activerecord (3.1.12)
      activemodel (= 3.1.12)
      activesupport (= 3.1.12)
      arel (~> 2.2.3)
      tzinfo (~> 0.3.29)
    activeresource (3.1.12)
      activemodel (= 3.1.12)
      activesupport (= 3.1.12)
    activesupport (3.1.12)
      multi_json (~> 1.0)
    addressable (2.3.5)
    arel (2.2.3)
    autoparse (0.3.3)
      addressable (>= 2.3.1)
      extlib (>= 0.9.15)
      multi_json (>= 1.0.0)
    aws-sdk (1.34.0)
      json (~> 1.4)
      nokogiri (>= 1.4.4)
      uuidtools (~> 2.1)
    bcrypt-ruby (2.1.2)
    bing_translator (4.0.0)
      json (~> 1.8.0)
      nokogiri (~> 1.6.0)
    builder (3.0.4)
    chunky_png (1.3.0)
    cocaine (0.3.2)
    coffee-rails (3.1.1)
      coffee-script (>= 2.2.0)
      railties (~> 3.1.0)
    coffee-script (2.2.0)
      coffee-script-source
      execjs
    coffee-script-source (1.7.0)
    compass (0.12.2)
      chunky_png (~> 1.2)
      fssm (>= 0.2.7)
      sass (~> 3.1)
    compass-rails (1.1.3)
      compass (>= 0.12.2)
    curb (0.8.5)
    daemons (1.1.9)
    dalli (2.6.4)
    delayed_job (4.0.0)
      activesupport (>= 3.0, < 4.1)
    delayed_job_active_record (4.0.0)
      activerecord (>= 3.0, < 4.1)
      delayed_job (>= 3.0, < 4.1)
    devise (1.3.4)
      bcrypt-ruby (~> 2.1.2)
      orm_adapter (~> 0.0.3)
      warden (~> 1.0.3)
    dropbox-sdk (1.3)
      json
    erubis (2.7.0)
    eventmachine (1.0.3)
    execjs (2.0.2)
    extlib (0.9.16)
    faraday (0.8.9)
      multipart-post (~> 1.2.0)
    faraday_middleware (0.9.0)
      faraday (>= 0.7.4, < 0.9)
    fastercsv (1.5.5)
    fattr (2.2.1)
    feedzirra (0.2.2)
      curb (~> 0.8.1)
      loofah (~> 1.2.1)
      nokogiri (~> 1.6.0)
      sax-machine (~> 0.2.1)
    formtastic (2.0.2)
      rails (~> 3.0)
    fssm (0.2.10)
    google-api-client (0.6.4)
      addressable (>= 2.3.2)
      autoparse (>= 0.3.3)
      extlib (>= 0.9.15)
      faraday (~> 0.8.4)
      jwt (>= 0.1.5)
      launchy (>= 2.1.1)
      multi_json (>= 1.0.0)
      signet (~> 0.4.5)
      uuidtools (>= 2.1.0)
    haml (4.0.5)
      tilt
    highline (1.6.20)
    hike (1.2.3)
    hpricot (0.8.6)
    http_accept_language (1.0.2)
    i18n (0.6.0)
    i18n-js (2.1.2)
      i18n
    jquery-rails (3.1.0)
      railties (>= 3.0, < 5.0)
      thor (>= 0.14, < 2.0)
    jquery-ui-rails (3.0.1)
      jquery-rails
      railties (>= 3.1.0)
    json (1.8.1)
    jwt (0.1.11)
      multi_json (>= 1.5)
    launchy (2.4.2)
      addressable (~> 2.3)
    legato (0.0.10)
      multi_json
    localized_country_select (0.9.7)
      actionpack (>= 3.0)
      hpricot
    loofah (1.2.1)
      nokogiri (>= 1.4.4)
    mail (2.4.4)
      i18n (>= 0.4.0)
      mime-types (~> 1.16)
      treetop (~> 1.4.8)
    mime-types (1.16)
    mini_portile (0.5.2)
    multi_json (1.8.4)
    multi_xml (0.5.5)
    multipart-post (1.2.0)
    mysql2 (0.3.15)
    nokogiri (1.6.1)
      mini_portile (~> 0.5.0)
    oai (0.3.1)
      builder (>= 2.0.0)
      faraday
      faraday_middleware
    oauth2 (0.9.3)
      faraday (>= 0.8, < 0.10)
      jwt (~> 0.1.8)
      multi_json (~> 1.3)
      multi_xml (~> 0.5)
      rack (~> 1.2)
    options (2.3.0)
      fattr
    orm_adapter (0.0.7)
    polyglot (0.3.3)
    pr_geohash (1.0.0)
    progress_bar (1.0.0)
      highline (~> 1.6.1)
      options (~> 2.3.0)
    rack (1.3.10)
    rack-cache (1.2)
      rack (>= 0.4)
    rack-mount (0.8.3)
      rack (>= 1.0.0)
    rack-ssl (1.3.3)
      rack
    rack-test (0.6.2)
      rack (>= 1.0)
    rails (3.1.12)
      actionmailer (= 3.1.12)
      actionpack (= 3.1.12)
      activerecord (= 3.1.12)
      activeresource (= 3.1.12)
      activesupport (= 3.1.12)
      bundler (~> 1.0)
      railties (= 3.1.12)
    railties (3.1.12)
      actionpack (= 3.1.12)
      activesupport (= 3.1.12)
      rack-ssl (~> 1.3.2)
      rake (>= 0.8.7)
      rdoc (~> 3.4)
      thor (~> 0.14.6)
    rake (10.1.1)
    rdf (1.0.10.2)
      addressable (>= 2.3)
    rdf-rdfxml (1.0.3)
      rdf (>= 1.0)
      rdf-xsd (>= 1.0)
    rdf-xsd (1.0.2.1)
      nokogiri (>= 1.5.0)
      rdf (>= 0.3.4)
    rdoc (3.12.2)
      json (~> 1.4)
    riddle (1.5.10)
    rsolr (1.0.9)
      builder (>= 2.1.2)
    ruby-oembed (0.8.9)
    sass (3.2.14)
    sass-rails (3.1.7)
      actionpack (~> 3.1.0)
      railties (~> 3.1.0)
      sass (>= 3.1.10)
      tilt (~> 1.3.2)
    sax-machine (0.2.1)
      nokogiri (~> 1.6.0)
    signet (0.4.5)
      addressable (>= 2.2.3)
      faraday (~> 0.8.1)
      jwt (>= 0.1.5)
      multi_json (>= 1.0.0)
    sitemap_generator (4.1.1)
      builder
    sprockets (2.0.4)
      hike (~> 1.2)
      rack (~> 1.0)
      tilt (~> 1.1, != 1.3.0)
    sunspot (2.1.0)
      pr_geohash (~> 1.0)
      rsolr (~> 1.0.7)
    sunspot_rails (2.1.0)
      nokogiri
      rails (>= 3)
      sunspot (= 2.1.0)
    sunspot_solr (2.1.0)
    themes_for_rails (0.5.1)
      rails (>= 3.0.0)
    thin (1.6.1)
      daemons (>= 1.0.9)
      eventmachine (>= 1.0.0)
      rack (>= 1.0.0)
    thinking-sphinx (2.0.14)
      activerecord (>= 3.0.3)
      builder (>= 2.1.2)
      riddle (>= 1.5.3)
    thor (0.14.6)
    tilt (1.3.7)
    treetop (1.4.15)
      polyglot
      polyglot (>= 0.3.1)
    tzinfo (0.3.38)
    uglifier (2.4.0)
      execjs (>= 0.3.0)
      json (>= 1.8.0)
    uuidtools (2.1.4)
    warden (1.0.6)
      rack (>= 1.0)
    will_paginate (3.0.5)

PLATFORMS
  ruby

DEPENDENCIES
  acts-as-taggable-on (= 2.4.1)!
  aegis (~> 3.0.1)!
  aws-sdk (~> 1.34.0)
  bcrypt-ruby (= 2.1.2)
  bing_translator (~> 4.0.0)
  cocaine (~> 0.3.2)
  coffee-rails (~> 3.1.0)
  compass-rails (~> 1.1.3)
  dalli (~> 2.6.4)
  delayed_job_active_record (~> 4.0.0)
  devise (~> 1.3.4)
  dropbox-sdk (~> 1.3.0)
  eventmachine (~> 1.0.3)
  fastercsv (~> 1.5.0)
  feedzirra (~> 0.2.0)
  formtastic (~> 2.0.0)
  google-api-client (~> 0.6.4)
  haml (~> 4.0.3)
  hpricot (~> 0.8.0)
  http_accept_language (~> 1.0.0)
  i18n (= 0.6.0)
  i18n-js (~> 2.1.0)
  jquery-rails (~> 3.1.0)
  jquery-ui-rails (~> 3.0)
  legato (~> 0.0.10)
  localized_country_select (~> 0.9.2)
  mime-types (= 1.16)
  mysql2 (~> 0.3.0)
  nokogiri (~> 1.6.0)
  oai (~> 0.3.0)
  oauth2 (~> 0.9.2)
  paperclip (~> 2.7.6)!
  paperclip-meta (~> 0.4.3)!
  progress_bar (~> 1.0.0)
  rails (= 3.1.12)
  rdf (~> 1.0.0)
  rdf-rdfxml (~> 1.0.0)
  ruby-oembed (~> 0.8.8)
  sass-rails (~> 3.1.7)
  sax-machine (~> 0.2.0)
  sitemap_generator (~> 4.1.1)
  sunspot_rails (~> 2.1.0)
  sunspot_solr (~> 2.1.0)
  themes_for_rails (~> 0.5.0)
  thin
  thinking-sphinx (~> 2.0.0)
  uglifier (~> 2.4.0)
  will_paginate (~> 3.0.0)
